ObjectType = Image
NDims = 3
BinaryData = True
BinaryDataByteOrderMSB = False
CompressedData = False
TransformMatrix = 1 0 0 0 1 0 0 0 1
Offset = -125 -125 -110
CenterOfRotation = 0 0 0
ElementSpacing = 2 2 2
DimSize = 126 126 111
AnatomicalOrientation = ???
ElementType = MET_FLOAT
ElementDataFile = 3d-pat-proton-Dose.raw
